GEM
  remote: http://rubygems.org/
  specs:
    amq-client (0.8.3)
      amq-protocol (>= 0.8.0)
      eventmachine
    amq-protocol (0.8.1)
    amqp (0.8.0)
      amq-client (~> 0.8.3)
      amq-protocol (~> 0.8.0)
      eventmachine
    async_sinatra (0.5.0)
      rack (>= 1.2.1)
      sinatra (>= 1.0)
    eventmachine (0.12.10)
    rack (1.3.4)
    rack-protection (1.1.4)
      rack
    shotgun (0.9)
      rack (>= 1.0)
    sinatra (1.3.1)
      rack (~> 1.3, >= 1.3.4)
      rack-protection (~> 1.1, >= 1.1.2)
      tilt (~> 1.3, >= 1.3.3)
    tilt (1.3.3)

PLATFORMS
  ruby

DEPENDENCIES
  amqp
  async_sinatra
  shotgun
  sinatra
